GEM
  remote: https://rubygems.org/
  specs:
    activesupport (4.2.7.1)
      i18n (~> 0.7)
      json (~> 1.7, >= 1.7.7)
      minitest (~> 5.1)
      thread_safe (~> 0.3, >= 0.3.4)
      tzinfo (~> 1.1)
    addressable (2.5.0)
      public_suffix (~> 2.0, >= 2.0.2)
    airbrussh (1.1.2)
      sshkit (>= 1.6.1, != 1.7.0)
    aws_cf_signer (0.1.3)
    backports (3.6.8)
    capistrano (3.7.1)
      airbrussh (>= 1.0.0)
      capistrano-harrow
      i18n
      rake (>= 10.0.0)
      sshkit (>= 1.9.0)
    capistrano-bundler (1.2.0)
      capistrano (~> 3.1)
      sshkit (~> 1.2)
    capistrano-harrow (0.5.3)
    capistrano-rbenv (2.1.0)
      capistrano (~> 3.1)
      sshkit (~> 1.3)
    capistrano-yarn (2.0.2)
      capistrano (~> 3.0)
    capistrano3-puma (1.2.1)
      capistrano (~> 3.0)
      puma (>= 2.6)
    chunky_png (1.3.8)
    cloudinary (1.2.2)
      aws_cf_signer
      rest-client
    coffee-script (2.4.1)
      coffee-script-source
      execjs
    coffee-script-source (1.12.2)
    compass (1.0.3)
      chunky_png (~> 1.2)
      compass-core (~> 1.0.2)
      compass-import-once (~> 1.0.5)
      rb-fsevent (>= 0.9.3)
      rb-inotify (>= 0.9)
      sass (>= 3.3.13, < 3.5)
    compass-core (1.0.3)
      multi_json (~> 1.0)
      sass (>= 3.3.0, < 3.5)
    compass-import-once (1.0.5)
      sass (>= 3.2, < 3.5)
    concurrent-ruby (1.0.4)
    contracts (0.13.0)
    domain_name (0.5.20161129)
      unf (>= 0.0.5, < 1.0.0)
    dotenv (2.1.2)
    em-websocket (0.5.1)
      eventmachine (>= 0.12.9)
      http_parser.rb (~> 0.6.0)
    erubis (2.7.0)
    eventmachine (1.2.1)
    execjs (2.7.0)
    faraday (0.11.0)
      multipart-post (>= 1.2, < 3)
    fast_blank (1.0.0)
    fastimage (2.0.1)
      addressable (~> 2)
    ffi (1.9.17)
    git-version-bump (0.15.1)
    haml (4.0.7)
      tilt
    hamster (3.0.0)
      concurrent-ruby (~> 1.0)
    hashie (3.4.6)
    http-cookie (1.0.3)
      domain_name (~> 0.5)
    http_parser.rb (0.6.0)
    httparty (0.13.7)
      json (~> 1.8)
      multi_xml (>= 0.5.2)
    i18n (0.7.0)
    json (1.8.6)
    kramdown (1.13.2)
    listen (3.0.8)
      rb-fsevent (~> 0.9, >= 0.9.4)
      rb-inotify (~> 0.9, >= 0.9.7)
    memoist (0.14.0)
    middleman (4.1.10)
      coffee-script (~> 2.2)
      compass-import-once (= 1.0.5)
      haml (>= 4.0.5)
      kramdown (~> 1.2)
      middleman-cli (= 4.1.10)
      middleman-core (= 4.1.10)
      sass (>= 3.4.0, < 4.0)
    middleman-cli (4.1.10)
      thor (>= 0.17.0, < 2.0)
    middleman-compass (4.0.1)
      compass (>= 1.0.0, < 2.0.0)
      middleman-core (>= 4.0.0)
    middleman-core (4.1.10)
      activesupport (~> 4.2)
      addressable (~> 2.3)
      backports (~> 3.6)
      bundler (~> 1.1)
      contracts (~> 0.13.0)
      dotenv
      erubis
      execjs (~> 2.0)
      fast_blank
      fastimage (~> 2.0)
      hamster (~> 3.0)
      hashie (~> 3.4)
      i18n (~> 0.7.0)
      listen (~> 3.0.0)
      memoist (~> 0.14)
      padrino-helpers (~> 0.13.0)
      parallel
      rack (>= 1.4.5, < 2.0)
      sass (>= 3.4)
      servolux
      tilt (~> 1.4.1)
      uglifier (~> 3.0)
    middleman-dotenv (2.0.0)
      dotenv (>= 2.0)
      middleman-core (>= 4.0)
    middleman-livereload (3.4.6)
      em-websocket (~> 0.5.1)
      middleman-core (>= 3.3)
      rack-livereload (~> 0.3.15)
    middleman-sprockets (4.0.0)
      middleman-core (~> 4.0)
      sprockets (>= 3.0)
    mime-types (3.1)
      mime-types-data (~> 3.2015)
    mime-types-data (3.2016.0521)
    minitest (5.10.1)
    multi_json (1.12.1)
    multi_xml (0.6.0)
    multipart-post (2.0.0)
    net-scp (1.2.1)
      net-ssh (>= 2.6.5)
    net-ssh (4.0.1)
    netrc (0.11.0)
    padrino-helpers (0.13.3.3)
      i18n (~> 0.6, >= 0.6.7)
      padrino-support (= 0.13.3.3)
      tilt (>= 1.4.1, < 3)
    padrino-support (0.13.3.3)
      activesupport (>= 3.1)
    parallel (1.10.0)
    public_suffix (2.0.5)
    puma (3.5.0)
    rack (1.6.5)
    rack-contrib (1.4.0)
      git-version-bump (~> 0.15)
      rack (~> 1.4)
    rack-livereload (0.3.16)
      rack
    rack-protection (1.5.3)
      rack
    rake (11.2.2)
    rb-fsevent (0.9.8)
    rb-inotify (0.9.7)
      ffi (>= 0.5.0)
    rest-client (2.0.0)
      http-cookie (>= 1.0.2, < 2.0)
      mime-types (>= 1.16, < 4.0)
      netrc (~> 0.8)
    sass (3.4.23)
    sentry-raven (0.15.2)
      faraday (>= 0.7.6)
    servolux (0.12.0)
    sinatra (1.4.7)
      rack (~> 1.5)
      rack-protection (~> 1.4)
      tilt (>= 1.3, < 3)
    sprockets (3.7.1)
      concurrent-ruby (~> 1.0)
      rack (> 1, < 3)
    sshkit (1.11.5)
      net-scp (>= 1.1.2)
      net-ssh (>= 2.8.0)
    thor (0.19.4)
    thread_safe (0.3.5)
    tilt (1.4.1)
    tzinfo (1.2.2)
      thread_safe (~> 0.1)
    uglifier (3.0.4)
      execjs (>= 0.3.0, < 3)
    unf (0.1.4)
      unf_ext
    unf_ext (0.0.7.2)

PLATFORMS
  ruby

DEPENDENCIES
  capistrano (= 3.7.1)
  capistrano-bundler (= 1.2.0)
  capistrano-rbenv (= 2.1.0)
  capistrano-yarn (= 2.0.2)
  capistrano3-puma (= 1.2.1)
  cloudinary (= 1.2.2)
  haml (= 4.0.7)
  httparty (= 0.13.7)
  memoist (= 0.14.0)
  middleman (= 4.1.10)
  middleman-compass (= 4.0.1)
  middleman-dotenv (= 2.0.0)
  middleman-livereload (= 3.4.6)
  middleman-sprockets (= 4.0.0)
  puma (= 3.5.0)
  rack-contrib (= 1.4.0)
  rake (= 11.2.2)
  sentry-raven (= 0.15.2)
  sinatra (= 1.4.7)

BUNDLED WITH
   1.13.7
